GEM
  remote: https://rubygems.org/
  specs:
    rainbow (3.1.1)

PLATFORMS
  x86_64-linux

DEPENDENCIES
  rainbow

BUNDLED WITH
   2.3.14
